PATH
  remote: .
  specs:
    almond_backup (0.1.0)
      file_data (~> 5.1)

GEM
  remote: https://rubygems.org/
  specs:
    ast (2.4.0)
    backports (3.11.3)
    binding_of_caller (0.8.0)
      debug_inspector (>= 0.0.1)
    coderay (1.1.2)
    debug_inspector (0.0.3)
    deep-cover (0.6.2)
      backports (>= 3.11.0)
      binding_of_caller
      bundler
      highline
      parser (~> 2.5.0)
      pry
      sass
      slop (~> 4.0)
      term-ansicolor
      terminal-table
      with_progress
    diff-lcs (1.3)
    fakefs (0.16.0)
    ffi (1.9.25)
    file_data (5.1.0)
    highline (2.0.0)
    method_source (0.9.0)
    parser (2.5.1.0)
      ast (~> 2.4.0)
    pry (0.11.3)
      coderay (~> 1.1.0)
      method_source (~> 0.9.0)
    rake (10.5.0)
    rb-fsevent (0.10.3)
    rb-inotify (0.9.10)
      ffi (>= 0.5.0, < 2)
    rspec (3.7.0)
      rspec-core (~> 3.7.0)
      rspec-expectations (~> 3.7.0)
      rspec-mocks (~> 3.7.0)
    rspec-core (3.7.0)
      rspec-support (~> 3.7.0)
    rspec-expectations (3.7.0)
      diff-lcs (>= 1.2.0, < 2.0)
      rspec-support (~> 3.7.0)
    rspec-mocks (3.7.0)
      diff-lcs (>= 1.2.0, < 2.0)
      rspec-support (~> 3.7.0)
    rspec-support (3.7.0)
    ruby-progressbar (1.9.0)
    sass (3.5.6)
      sass-listen (~> 4.0.0)
    sass-listen (4.0.0)
      rb-fsevent (~> 0.9, >= 0.9.4)
      rb-inotify (~> 0.9, >= 0.9.7)
    slop (4.6.2)
    term-ansicolor (1.4.0)
      tins (~> 1.0)
    terminal-table (1.8.0)
      unicode-display_width (~> 1.1, >= 1.1.1)
    tins (1.13.2)
    unicode-display_width (1.4.0)
    with_progress (1.0.1)
      ruby-progressbar (~> 1.4)

PLATFORMS
  ruby

DEPENDENCIES
  almond_backup!
  bundler (~> 1.16)
  deep-cover (~> 0.6)
  fakefs (~> 0.16)
  rake (~> 10.0)
  rspec (~> 3.0)

BUNDLED WITH
   1.16.1
